GEM
  remote: http://rubygems.org/
  specs:
    expectations (2.0.0)
      mocha (>= 0.5.5)
    metaclass (0.0.1)
    mocha (0.13.1)
      metaclass (~> 0.0.1)
    open4 (1.3.0)
    shell-executer (1.0.1)
      expectations
      open4

PLATFORMS
  ruby

DEPENDENCIES
  shell-executer
