GEM
  remote: http://rubygems.org/
  specs:
    diff-lcs (1.1.3)
    diffy (2.1.0)
    expectations (2.0.0)
      mocha (>= 0.5.5)
    metaclass (0.0.1)
    mocha (0.13.1)
      metaclass (~> 0.0.1)
    open4 (1.3.0)
    rake (10.0.3)
    rspec (2.12.0)
      rspec-core (~> 2.12.0)
      rspec-expectations (~> 2.12.0)
      rspec-mocks (~> 2.12.0)
    rspec-core (2.12.2)
    rspec-expectations (2.12.1)
      diff-lcs (~> 1.1.3)
    rspec-mocks (2.12.1)
    shell-executer (1.0.1)
      expectations
      open4

PLATFORMS
  ruby

DEPENDENCIES
  diffy
  rake
  rspec
  shell-executer
